GEM
  remote: http://rubygems.org/
  specs:
    actionpack (2.3.10)
      activesupport (= 2.3.10)
      rack (~> 1.1.0)
    activesupport (2.3.10)
    flexmock (0.8.11)
    leftright (0.9.0)
    rack (1.1.6)
    shoulda (2.11.3)
    test_rig (0.0.3)

PLATFORMS
  ruby

DEPENDENCIES
  actionpack (< 3)
  flexmock
  leftright
  shoulda
  test_rig
