GEM
  remote: http://rubygems.org/
  specs:
    actionpack (2.3.5)
      activesupport (= 2.3.5)
      rack (~> 1.0.0)
    activesupport (2.3.5)
    flexmock (0.8.8)
    leftright (0.9.0)
    rack (1.0.1)
    shoulda (2.11.3)
    test_rig (0.0.3)

PLATFORMS
  ruby

DEPENDENCIES
  actionpack (< 3)
  flexmock
  leftright
  shoulda
  test_rig
